GEM
  remote: http://gemcutter.org/
  specs:
    crack (0.1.8)
    httparty (0.6.1)
      crack (= 0.1.8)
    nokogiri (1.4.4)

PLATFORMS
  ruby

DEPENDENCIES
  httparty
  nokogiri
