GEM
  remote: http://gemcutter.org/
  specs:
    addressable (2.2.2)
    configuration (1.2.0)
    crack (0.1.8)
    faraday (0.5.3)
      addressable (~> 2.2.2)
      multipart-post (~> 1.0.1)
      rack (>= 1.1.0, < 2)
    faraday_middleware (0.3.1)
      faraday (~> 0.5.3)
    hashie (0.4.0)
    httparty (0.6.1)
      crack (= 0.1.8)
    launchy (0.3.7)
      configuration (>= 0.0.5)
      rake (>= 0.8.1)
    multi_json (0.0.5)
    multi_xml (0.2.0)
    multipart-post (1.0.1)
    nokogiri (1.4.4)
    oauth (0.4.4)
    rack (1.2.1)
    rake (0.8.7)
    simple_oauth (0.1.3)
    twitter (1.0.0)
      faraday (~> 0.5.3)
      faraday_middleware (~> 0.3.0)
      hashie (~> 0.4.0)
      multi_json (~> 0.0.5)
      multi_xml (~> 0.2.0)
      simple_oauth (~> 0.1.2)

PLATFORMS
  ruby

DEPENDENCIES
  httparty
  launchy
  nokogiri
  oauth
  twitter
